PATH
  remote: .
  specs:
    taggable_cache (0.2.0)
      rails (>= 3.0.8)
      redis (>= 2.2.2)

PATH
  remote: /home/brain/Development/combustion
  specs:
    combustion (0.3.2)
      rails (>= 3.0.0)
      thor (>= 0.14.6)

GEM
  remote: http://rubygems.org/
  specs:
    actionmailer (3.1.4)
      actionpack (= 3.1.4)
      mail (~> 2.3.0)
    actionpack (3.1.4)
      activemodel (= 3.1.4)
      activesupport (= 3.1.4)
      builder (~> 3.0.0)
      erubis (~> 2.7.0)
      i18n (~> 0.6)
      rack (~> 1.3.6)
      rack-cache (~> 1.1)
      rack-mount (~> 0.8.2)
      rack-test (~> 0.6.1)
      sprockets (~> 2.0.3)
    activemodel (3.1.4)
      activesupport (= 3.1.4)
      builder (~> 3.0.0)
      i18n (~> 0.6)
    activerecord (3.1.4)
      activemodel (= 3.1.4)
      activesupport (= 3.1.4)
      arel (~> 2.2.3)
      tzinfo (~> 0.3.29)
    activeresource (3.1.4)
      activemodel (= 3.1.4)
      activesupport (= 3.1.4)
    activesupport (3.1.4)
      multi_json (~> 1.0)
    arel (2.2.3)
    builder (3.0.0)
    capybara (1.1.2)
      mime-types (>= 1.16)
      nokogiri (>= 1.3.3)
      rack (>= 1.0.0)
      rack-test (>= 0.5.4)
      selenium-webdriver (~> 2.0)
      xpath (~> 0.1.4)
    childprocess (0.3.1)
      ffi (~> 1.0.6)
    coderay (1.0.5)
    diff-lcs (1.1.3)
    erubis (2.7.0)
    ffi (1.0.11)
    hike (1.2.1)
    i18n (0.6.0)
    json (1.6.5)
    mail (2.3.2)
      i18n (>= 0.4.0)
      mime-types (~> 1.16)
      treetop (~> 1.4.8)
    method_source (0.7.1)
    mime-types (1.17.2)
    multi_json (1.1.0)
    nokogiri (1.5.0)
    polyglot (0.3.3)
    pry (0.9.8.4)
      coderay (~> 1.0.5)
      method_source (~> 0.7.1)
      slop (>= 2.4.4, < 3)
    rack (1.3.6)
    rack-cache (1.2)
      rack (>= 0.4)
    rack-mount (0.8.3)
      rack (>= 1.0.0)
    rack-ssl (1.3.2)
      rack
    rack-test (0.6.1)
      rack (>= 1.0)
    rails (3.1.4)
      actionmailer (= 3.1.4)
      actionpack (= 3.1.4)
      activerecord (= 3.1.4)
      activeresource (= 3.1.4)
      activesupport (= 3.1.4)
      bundler (~> 1.0)
      railties (= 3.1.4)
    railties (3.1.4)
      actionpack (= 3.1.4)
      activesupport (= 3.1.4)
      rack-ssl (~> 1.3.2)
      rake (>= 0.8.7)
      rdoc (~> 3.4)
      thor (~> 0.14.6)
    rake (0.9.2.2)
    rdoc (3.12)
      json (~> 1.4)
    redis (2.2.2)
    rspec (2.8.0)
      rspec-core (~> 2.8.0)
      rspec-expectations (~> 2.8.0)
      rspec-mocks (~> 2.8.0)
    rspec-core (2.8.0)
    rspec-expectations (2.8.0)
      diff-lcs (~> 1.1.2)
    rspec-mocks (2.8.0)
    rspec-rails (2.8.1)
      actionpack (>= 3.0)
      activesupport (>= 3.0)
      railties (>= 3.0)
      rspec (~> 2.8.0)
    rubyzip (0.9.6.1)
    selenium-webdriver (2.20.0)
      childprocess (>= 0.2.5)
      ffi (~> 1.0)
      multi_json (~> 1.0)
      rubyzip
    slop (2.4.4)
    sprockets (2.0.3)
      hike (~> 1.2)
      rack (~> 1.0)
      tilt (~> 1.1, != 1.3.0)
    sqlite3 (1.3.5)
    thor (0.14.6)
    tilt (1.3.3)
    treetop (1.4.10)
      polyglot
      polyglot (>= 0.3.1)
    tzinfo (0.3.32)
    xpath (0.1.4)
      nokogiri (~> 1.3)

PLATFORMS
  ruby

DEPENDENCIES
  capybara
  combustion!
  pry
  rails (~> 3.1.0)
  rake
  rspec
  rspec-rails
  sqlite3
  taggable_cache!
